GEM
  remote: https://rubygems.org/
  specs:
    curses (1.5.3)

PLATFORMS
  ruby

DEPENDENCIES
  curses (~> 1.4)

BUNDLED WITH
   2.6.9
